GEM
  remote: https://rubygems.org/
  specs:
    backports (3.6.7)
    coderay (1.1.0)
    concurrent-ruby (1.0.0)
    connection_pool (2.2.0)
    faraday (0.9.2)
      multipart-post (>= 1.2, < 3)
    httpclient (2.7.0.1)
    json (1.8.3)
    method_source (0.8.2)
    multi_json (1.11.2)
    multipart-post (2.0.0)
    pry (0.10.1)
      coderay (~> 1.1.0)
      method_source (~> 0.8.1)
      slop (~> 3.4)
    puma (2.15.3)
    rack (1.6.4)
    rack-protection (1.5.3)
      rack
    rack-test (0.6.3)
      rack (>= 1.0)
    redis (3.2.2)
    sidekiq (4.0.0)
      concurrent-ruby (~> 1.0)
      connection_pool (~> 2.2, >= 2.2.0)
      json (~> 1.0)
      redis (~> 3.2, >= 3.2.1)
    sinatra (1.4.6)
      rack (~> 1.4)
      rack-protection (~> 1.4)
      tilt (>= 1.3, < 3)
    sinatra-contrib (1.4.6)
      backports (>= 2.0)
      multi_json
      rack-protection
      rack-test
      sinatra (~> 1.4.0)
      tilt (>= 1.3, < 3)
    slop (3.6.0)
    tilt (2.0.1)

PLATFORMS
  ruby

DEPENDENCIES
  faraday
  httpclient
  pry
  puma
  redis
  sidekiq
  sinatra
  sinatra-contrib

BUNDLED WITH
   1.10.6
